GIT
  remote: https://github.com/ananace/ruby-matrix-sdk.git
  revision: 749afd3d3f99fb9090f53b95b0d4e3e218a5202c
  specs:
    matrix_sdk (1.1.1)
      logging (~> 2)

GEM
  remote: https://rubygems.org/
  specs:
    little-plugger (1.1.4)
    logging (2.2.2)
      little-plugger (~> 1.1)
      multi_json (~> 1.10)
    multi_json (1.13.1)
    psych (3.1.0)
    subprocess (1.3.2)

PLATFORMS
  ruby

DEPENDENCIES
  matrix_sdk!
  psych
  subprocess

BUNDLED WITH
   2.0.1
