GIT
  remote: https://github.com/ananace/ruby-matrix-sdk.git
  revision: dcf397a280e89583cdadcd5a057c46d21ca8584e
  specs:
    matrix_sdk (1.1.1)
      logging (~> 2)

GEM
  remote: https://rubygems.org/
  specs:
    little-plugger (1.1.4)
    logging (2.2.2)
      little-plugger (~> 1.1)
      multi_json (~> 1.10)
    multi_json (1.13.1)

PLATFORMS
  ruby

DEPENDENCIES
  matrix_sdk!

BUNDLED WITH
   2.0.1
