GIT
  remote: https://github.com/ananace/ruby-matrix-sdk.git
  revision: f7dc0f52f410003098d545b132e2ec6d42316302
  specs:
    matrix_sdk (2.0.0)
      logging (~> 2)

GEM
  remote: https://rubygems.org/
  specs:
    little-plugger (1.1.4)
    logging (2.2.2)
      little-plugger (~> 1.1)
      multi_json (~> 1.10)
    multi_json (1.14.1)
    psych (3.2.0)
    subprocess (1.5.3)

PLATFORMS
  ruby

DEPENDENCIES
  matrix_sdk!
  psych
  subprocess

BUNDLED WITH
   2.0.1
