GIT
  remote: https://github.com/ananace/ruby-matrix-sdk.git
  revision: 3be8f960172faf95615f83c97abe6f4f8164d1d4
  specs:
    matrix_sdk (2.1.3)
      logging (~> 2)

GEM
  remote: https://rubygems.org/
  specs:
    little-plugger (1.1.4)
    logging (2.3.0)
      little-plugger (~> 1.1)
      multi_json (~> 1.14)
    multi_json (1.15.0)
    psych (3.2.0)
    subprocess (1.3.2)

PLATFORMS
  ruby

DEPENDENCIES
  matrix_sdk!
  psych
  subprocess

BUNDLED WITH
   2.0.1
