GIT
  remote: https://github.com/ananace/ruby-matrix-sdk.git
  revision: dcf397a280e89583cdadcd5a057c46d21ca8584e
  specs:
    matrix_sdk (1.1.1)
      logging (~> 2)

GEM
  remote: https://rubygems.org/
  specs:
    byebug (11.0.1)
    coderay (1.1.2)
    little-plugger (1.1.4)
    logging (2.2.2)
      little-plugger (~> 1.1)
      multi_json (~> 1.10)
    method_source (0.9.2)
    multi_json (1.13.1)
    pry (0.12.2)
      coderay (~> 1.1.0)
      method_source (~> 0.9.0)
    pry-byebug (3.7.0)
      byebug (~> 11.0)
      pry (~> 0.10)
    psych (3.1.0)

PLATFORMS
  ruby

DEPENDENCIES
  matrix_sdk!
  pry-byebug
  psych

BUNDLED WITH
   2.0.1
