GEM
  remote: https://rubygems.org/
  specs:
    little-plugger (1.1.4)
    logging (2.3.0)
      little-plugger (~> 1.1)
      multi_json (~> 1.14)
    matrix_sdk (2.3.0)
      logging (~> 2)
    multi_json (1.15.0)
    psych (5.0.1)
      stringio
    stringio (3.0.4)
    subprocess (1.5.4)

PLATFORMS
  ruby

DEPENDENCIES
  matrix_sdk
  psych
  subprocess

BUNDLED WITH
   2.2.13
